GEM
  remote: https://rubygems.org/
  specs:
    amq-protocol (2.3.0)
    ast (2.4.0)
    bunny (2.13.0)
      amq-protocol (~> 2.3, >= 2.3.0)
    jaro_winkler (1.5.1)
    parallel (1.12.1)
    parser (2.5.3.0)
      ast (~> 2.4.0)
    powerpack (0.1.2)
    rainbow (3.0.0)
    redis (4.0.3)
    rubocop (0.61.1)
      jaro_winkler (~> 1.5.1)
      parallel (~> 1.10)
      parser (>= 2.5, != 2.5.1.1)
      powerpack (~> 0.1)
      rainbow (>= 2.2.2, < 4.0)
      ruby-progressbar (~> 1.7)
      unicode-display_width (~> 1.4.0)
    ruby-progressbar (1.10.0)
    unicode-display_width (1.4.0)

PLATFORMS
  ruby

DEPENDENCIES
  bunny (~> 2.13.0)
  redis (~> 4.0.1)
  rubocop

RUBY VERSION
   ruby 2.6.5p114

BUNDLED WITH
   1.17.2
